GEM
  remote: https://rubygems.org/
  specs:
    activesupport (5.1.1)
      concurrent-ruby (~> 1.0, >= 1.0.2)
      i18n (~> 0.7)
      minitest (~> 5.1)
      tzinfo (~> 1.1)
    byebug (9.0.6)
    concurrent-ruby (1.0.5)
    httpi (2.4.2)
      rack
      socksify
    i18n (0.8.4)
    minitest (5.10.2)
    overpass-api-ruby (0.2.2)
      httpi (~> 2.4.0)
    rack (2.0.3)
    socksify (1.7.1)
    thread_safe (0.3.6)
    tzinfo (1.2.10)
      thread_safe (~> 0.1)

PLATFORMS
  ruby

DEPENDENCIES
  activesupport
  byebug
  overpass-api-ruby

BUNDLED WITH
   1.15.1
